##TITLE= Parameter file, TOPSPIN		Version 2.1
##JCAMPDX= 5.0
##DATATYPE= Parameter Values
##NPOINTS= 1	$$ modification sequence number
##ORIGIN= Bruker BioSpin GmbH
##OWNER= Administrator
$$ 2021-09-21 15:08:15.749 -0700  Administrator@EMX_XP
$$ Z:/data/Thomas/nmr/20210921_TEMPOL_1mM_Cyl_B12probe/200/pdata/1/proc2s
$$ process C:\Bruker\TOPSPIN\prog\mod\edparproc.exe
##$ABSF1= 0
##$ABSF2= 0
##$ABSG= 0
##$ABSL= 0
##$ALPHA= 0
##$AQORDER= 0
##$ASSFAC= 0
##$ASSFACI= 0
##$ASSFACX= 0
##$ASSWID= 0
##$AUNMP= <        >
##$AXLEFT= 0
##$AXNAME= <F1>
##$AXNUC= <off>
##$AXRIGHT= 0.0012918526632455
##$AXTYPE= 0
##$AXUNIT= <s>
##$AZFE= 0.1
##$AZFW= 0.5
##$BCFW= 0
##$BC_mod= 0
##$BYTORDP= 0
##$COROFFS= 0
##$CY= 15
##$DATMOD= 1
##$DC= 0
##$DFILT= <>
##$DTYPP= 0
##$F1P= 0
##$F2P= 0
##$FCOR= 0.5
##$FTSIZE= 0
##$FT_mod= 0
##$GAMMA= 0
##$GB= 0
##$INTBC= 1
##$INTSCL= 1
##$ISEN= 128
##$LB= 0
##$LEV0= 0
##$LPBIN= 0
##$MAXI= 10000
##$MC2= 0
##$MEAN= 0
##$ME_mod= 0
##$MI= 1
##$NCOEF= 0
##$NC_proc= -7
##$NLEV= 6
##$NOISF1= 0
##$NOISF2= 0
##$NSP= 0
##$NTH_PI= 0
##$NZP= 0
##$OFFSET= 4.631545
##$PC= 4
##$PHC0= 0
##$PHC1= 0
##$PH_mod= 0
##$PKNL= no
##$PPARMOD= 1
##$PPDIAG= 0
##$PPIPTYP= 0
##$PPMPNUM= 2147483647
##$PPRESOL= 1
##$PSCAL= 1
##$PSIGN= 0
##$PYNMP= <proc.py>
##$REVERSE= no
##$SF= 300
##$SI= 8
##$SIGF1= 0
##$SIGF2= 0
##$SINO= 16
##$SIOLD= 1024
##$SPECTYP= <>
##$SREGLST= <1H.MeOD>
##$SSB= 0
##$STSI= 8
##$STSR= 0
##$SW_p= 10.3210944348996
##$SYMM= 0
##$S_DEV= 924043
##$TDeff= 8
##$TDoff= 0
##$TI= <        >
##$TILT= no
##$TM1= 0
##$TM2= 0
##$TOPLEV= 0
##$USERP1= <user>
##$USERP2= <user>
##$USERP3= <user>
##$USERP4= <user>
##$USERP5= <user>
##$WDW= 0
##$XDIM= 8
##$YMAX_p= 470820775
##$YMIN_p= -470370995
##END=
